GEM
  remote: http://rubygems.org/
  specs:
    activesupport (2.3.14)
    cirrocumulus (0.6.1)
      activesupport (~> 2.3.11)
      deil_sexpistol
      eventmachine
      guid
      log4r (~> 1.1.9)
      systemu
      xmpp4r (~> 0.5)
      xmpp4r-simple
    deil_sexpistol (0.0.8)
    eventmachine (0.12.10)
    guid (0.1.1)
    log4r (1.1.10)
    systemu (2.4.2)
    xmpp4r (0.5)
    xmpp4r-simple (0.8.8)
      xmpp4r (>= 0.3.2)

PLATFORMS
  ruby

DEPENDENCIES
  cirrocumulus
