GEM
  remote: http://rubygems.org/
  specs:
    activesupport (2.3.14)
    deil_sexpistol (0.0.8)
    git (1.2.5)
    jeweler (1.6.4)
      bundler (~> 1.0)
      git (>= 1.2.5)
      rake
    log4r (1.1.9)
    rake (0.9.2)
    rcov (0.9.10)
    systemu (2.3.0)
    xmpp4r (0.5)
    xmpp4r-simple (0.8.8)
      xmpp4r (>= 0.3.2)

PLATFORMS
  ruby

DEPENDENCIES
  activesupport (~> 2.3.11)
  bundler (~> 1.0.0)
  deil_sexpistol
  jeweler (~> 1.6.4)
  log4r (~> 1.1.9)
  rcov
  systemu
  xmpp4r (~> 0.5)
  xmpp4r-simple (~> 0.8.8)
