GIT
  remote: git://github.com/blaine/xmpp4r-simple.git
  revision: 92e2cd0002ec3a9a38506527e1a3a2d622408626
  specs:
    xmpp4r-simple (0.8.8)
      xmpp4r (>= 0.3.2)

GEM
  remote: http://rubygems.org/
  specs:
    activesupport (2.3.14)
    deil_sexpistol (0.0.8)
    eventmachine (0.12.10)
    git (1.2.5)
    guid (0.1.1)
    jeweler (1.8.3)
      bundler (~> 1.0)
      git (>= 1.2.5)
      rake
      rdoc
    json (1.6.5)
    log4r (1.1.10)
    rake (0.9.2.2)
    rdoc (3.12)
      json (~> 1.4)
    systemu (2.4.2)
    xmpp4r (0.5)

PLATFORMS
  ruby

DEPENDENCIES
  activesupport (~> 2.3.11)
  bundler (~> 1.0.0)
  deil_sexpistol
  eventmachine
  guid
  jeweler (~> 1.8.3)
  log4r (~> 1.1.9)
  rdoc (~> 3.12)
  systemu
  xmpp4r (~> 0.5)
  xmpp4r-simple!
